NUGET
  remote: https://api.nuget.org/v3/index.json
    Newtonsoft.Json (10.0.3) - restriction: >= net47
